PATH
  remote: .
  specs:
    fathom_api (0.0.1)

GEM
  remote: https://rubygems.org/
  specs:
    minitest (5.14.4)
    rake (13.0.6)

PLATFORMS
  x86_64-darwin-20

DEPENDENCIES
  fathom_api!
  minitest (~> 5.0)
  rake (~> 13.0)

BUNDLED WITH
   2.2.3
